PATH
  remote: .
  specs:
    pebble_commander (0.0.1)

GEM
  remote: https://rubygems.org/
  specs:

PLATFORMS
  ruby

DEPENDENCIES
  pebble_commander!
